GEM
  remote: https://rubygems.org/
  specs:
    faraday (0.15.3)
      multipart-post (>= 1.2, < 3)
    jwt (2.1.0)
    multi_json (1.13.1)
    multi_xml (0.6.0)
    multipart-post (2.0.0)
    oauth2 (1.4.1)
      faraday (>= 0.8, < 0.16.0)
      jwt (>= 1.0, < 3.0)
      multi_json (~> 1.3)
      multi_xml (~> 0.5)
      rack (>= 1.2, < 3)
    puma (3.12.0)
    rack (2.0.6)
    rack-unreloader (1.6.0)
    roda (3.13.0)
      rack

PLATFORMS
  ruby
  x64-mingw32

DEPENDENCIES
  oauth2
  puma
  rack-unreloader
  roda

BUNDLED WITH
   1.16.6
