GEM
  remote: https://rubygems.org/
  specs:
    faraday (0.12.1)
      multipart-post (>= 1.2, < 3)
    jwt (1.5.6)
    multi_json (1.12.1)
    multi_xml (0.6.0)
    multipart-post (2.0.0)
    oauth2 (1.4.0)
      faraday (>= 0.8, < 0.13)
      jwt (~> 1.0)
      multi_json (~> 1.3)
      multi_xml (~> 0.5)
      rack (>= 1.2, < 3)
    puma (3.9.1)
    rack (2.0.6)
    rack-unreloader (1.6.0)
    roda (2.27.0)
      rack

PLATFORMS
  ruby
  x64-mingw32

DEPENDENCIES
  oauth2
  puma
  rack-unreloader
  roda

BUNDLED WITH
   1.16.2
