GEM
  remote: https://rubygems.org/
  specs:
    faraday (1.3.0)
      faraday-net_http (~> 1.0)
      multipart-post (>= 1.2, < 3)
      ruby2_keywords
    faraday-net_http (1.0.1)
    jwt (2.2.1)
    multi_json (1.14.1)
    multi_xml (0.6.0)
    multipart-post (2.1.1)
    nio4r (2.5.2)
    oauth2 (1.4.2)
      faraday (>= 0.8, < 2.0)
      jwt (>= 1.0, < 3.0)
      multi_json (~> 1.3)
      multi_xml (~> 0.5)
      rack (>= 1.2, < 3)
    puma (4.3.5)
      nio4r (~> 2.0)
    rack (2.2.3)
    rack-unreloader (1.7.0)
    roda (3.26.0)
      rack
    ruby2_keywords (0.0.4)

PLATFORMS
  ruby
  x64-mingw32

DEPENDENCIES
  oauth2
  puma
  rack-unreloader
  roda

BUNDLED WITH
   1.17.3
